PATH
  remote: .
  specs:
    hyper_ruby (0.1.0)

GEM
  remote: https://rubygems.org/
  specs:
    concurrent-ruby (1.3.4)
    google-protobuf (3.25.6)
    google-protobuf (3.25.6-arm64-darwin)
    googleapis-common-protos-types (1.18.0)
      google-protobuf (>= 3.18, < 5.a)
    grpc (1.70.1)
      google-protobuf (>= 3.25, < 5.0)
      googleapis-common-protos-types (~> 1.0)
    grpc (1.70.1-arm64-darwin)
      google-protobuf (>= 3.25, < 5.0)
      googleapis-common-protos-types (~> 1.0)
    grpc-tools (1.70.1)
    http-2 (1.0.2)
    httpx (1.4.0)
      http-2 (>= 1.0.0)
    minitest (5.25.4)
    rake (13.2.1)
    rake-compiler (1.2.9)
      rake
    rake-compiler-dock (1.9.1)
    rb_sys (0.9.110)
      rake-compiler-dock (= 1.9.1)

PLATFORMS
  arm64-darwin-23
  ruby

DEPENDENCIES
  concurrent-ruby (~> 1.2)
  google-protobuf (~> 3.25)
  grpc (~> 1.62)
  grpc-tools (~> 1.62)
  httpx (~> 1.2)
  hyper_ruby!
  minitest (~> 5.0)
  rake (~> 13.0)
  rake-compiler
  rb_sys (~> 0.9.63)

BUNDLED WITH
   2.5.11
