PATH
  remote: .
  specs:
    hyper_ruby (0.1.0)

GEM
  remote: https://rubygems.org/
  specs:
    minitest (5.25.4)
    rake (13.2.1)
    rake-compiler (1.2.9)
      rake
    rake-compiler-dock (1.9.1)
    rb_sys (0.9.110)
      rake-compiler-dock (= 1.9.1)

PLATFORMS
  arm64-darwin-23
  ruby

DEPENDENCIES
  hyper_ruby!
  minitest (~> 5.16)
  rake (~> 13.0)
  rake-compiler
  rb_sys (~> 0.9.63)

BUNDLED WITH
   2.5.11
